PATH
  remote: .
  specs:
    github-trello (0.2.0)
      sinatra (~> 1.3.2)
      vegas (~> 0.1.8)

GEM
  remote: http://rubygems.org/
  specs:
    rack (1.6.10)
    rack-protection (1.5.5)
      rack
    rake (12.0.0)
    sinatra (1.3.6)
      rack (~> 1.4)
      rack-protection (~> 1.3)
      tilt (~> 1.3, >= 1.3.3)
    tilt (1.4.1)
    vegas (0.1.11)
      rack (>= 1.0.0)

PLATFORMS
  ruby
  x86_64-linux

DEPENDENCIES
  github-trello!
  rake

BUNDLED WITH
   1.16.2
